REDIRECTS: FORCE
RESTRICTION: == net452
NUGET
  remote: https://www.nuget.org/api/v2
    Argu (3.7)
    Deedle (1.2.5)
    Expecto (4.0.3)
      Argu (>= 3.2)
      FSharp.Core (>= 3.1.2.5)
      Mono.Cecil (>= 0.9.6.4)
    FAKE (4.64.6)
    FSharp.Charting (0.90.14)
    FSharp.Compiler.Service (2.0.0.6)
    FSharp.Core (4.0.0.1)
    FSharp.Formatting (2.14.4)
      FSharp.Compiler.Service (2.0.0.6)
      FSharpVSPowerTools.Core (>= 2.3 < 2.4)
    FSharpVSPowerTools.Core (2.3)
      FSharp.Compiler.Service (>= 2.0.0.3)
    Microsoft.Azure.KeyVault.Core (2.0.4)
    Mono.Cecil (0.9.6.4)
    Newtonsoft.Json (10.0.2)
    NuGet.CommandLine (3.5)
    Unquote (3.1.2)
    WindowsAzure.Storage (9.0)
      Microsoft.Azure.KeyVault.Core (>= 1.0)
      Newtonsoft.Json (>= 10.0.2)
GITHUB
  remote: fsprojects/FSharp.TypeProviders.StarterPack
    src/ProvidedTypes.fs (a23cf5dcd4309cc528bbd4662c5971fe163a0bab)
    src/ProvidedTypes.fsi (a23cf5dcd4309cc528bbd4662c5971fe163a0bab)