REDIRECTS: ON
RESTRICTION: == net452
NUGET
  remote: https://www.nuget.org/api/v2
    Argu (3.7)
    Deedle (1.2.5)
    Expecto (4.0.3)
      Argu (>= 3.2)
      FSharp.Core (>= 3.1.2.5)
      Mono.Cecil (>= 0.9.6.4)
    FAKE (4.56)
    FSharp.Charting (0.90.14)
    FSharp.Compiler.Service (2.0.0.6)
    FSharp.Core (4.0.0.1)
    FSharp.Formatting (2.14.4)
      FSharp.Compiler.Service (2.0.0.6)
      FSharpVSPowerTools.Core (>= 2.3 < 2.4)
    FSharpVSPowerTools.Core (2.3)
      FSharp.Compiler.Service (>= 2.0.0.3)
    Microsoft.Azure.KeyVault.Core (1.0)
    Microsoft.Data.Edm (5.6.4)
    Microsoft.Data.OData (5.6.4)
      Microsoft.Data.Edm (5.6.4)
      System.Spatial (5.6.4)
    Microsoft.Data.Services.Client (5.6.4)
      Microsoft.Data.OData (5.6.4)
    Mono.Cecil (0.9.6.4)
    Newtonsoft.Json (6.0.8)
    NuGet.CommandLine (3.5)
    System.Spatial (5.6.4)
    Unquote (3.1.2)
    WindowsAzure.Storage (7.2.1)
      Microsoft.Azure.KeyVault.Core (>= 1.0)
      Microsoft.Data.OData (>= 5.6.4)
      Microsoft.Data.Services.Client (>= 5.6.4)
      Newtonsoft.Json (>= 6.0.8)
GITHUB
  remote: fsprojects/FSharp.TypeProviders.StarterPack
    src/ProvidedTypes.fs (27232ac95fa6f91f136e01b23f38dda34d0f3dc4)
    src/ProvidedTypes.fsi (27232ac95fa6f91f136e01b23f38dda34d0f3dc4)